GIT
  remote: https://github.com/Quasimonomial/ascii-image.git
  revision: 399d44e331b7e686a958d0c5174331ae7fe8e957
  branch: handle_quantum_depth
  specs:
    ascii-image (0.1.5)
      rainbow (~> 3.0, >= 3.0.0)
      rmagick (~> 2.16, >= 2.16.0)

GEM
  remote: https://rubygems.org/
  specs:
    coderay (1.1.2)
    method_source (0.9.2)
    pry (0.12.2)
      coderay (~> 1.1.0)
      method_source (~> 0.9.0)
    rainbow (3.0.0)
    rmagick (2.16.0)

PLATFORMS
  ruby

DEPENDENCIES
  ascii-image!
  pry
  rainbow
  rmagick

RUBY VERSION
   ruby 2.3.0p0

BUNDLED WITH
   2.0.1
